PATH
  remote: .
  specs:
    jruby_mahout (0.2.2)
      redis (~> 3.0)

GEM
  remote: http://rubygems.org/
  specs:
    columnize (0.8.9)
    diff-lcs (1.2.5)
    linecache (0.46)
      rbx-require-relative (> 0.0.4)
    rake (10.3.2)
    rbx-require-relative (0.0.9)
    redis (3.0.7)
    rspec (2.14.1)
      rspec-core (~> 2.14.0)
      rspec-expectations (~> 2.14.0)
      rspec-mocks (~> 2.14.0)
    rspec-core (2.14.8)
    rspec-expectations (2.14.5)
      diff-lcs (>= 1.1.3, < 2.0)
    rspec-mocks (2.14.6)
    ruby-debug (0.10.4)
      columnize (>= 0.1)
      ruby-debug-base (~> 0.10.4.0)
    ruby-debug-base (0.10.4)
      linecache (>= 0.3)
    ruby-debug-base (0.10.4-java)

PLATFORMS
  java
  ruby

DEPENDENCIES
  jruby_mahout!
  rake (~> 10.3)
  rspec (~> 2.14)
  ruby-debug (~> 0)
